PATH
  remote: .
  specs:
    ruby-terraform (0.8.0)
      lino (~> 1.1)
      systemu (~> 2.6.5)

GEM
  remote: https://rubygems.org/
  specs:
    concurrent-ruby (1.0.5)
    diff-lcs (1.3)
    gem-release (0.7.4)
    hamster (3.0.0)
      concurrent-ruby (~> 1.0)
    lino (1.1.0)
      hamster (~> 3.0)
      open4 (~> 1.3)
    open4 (1.3.4)
    rake (10.5.0)
    rspec (3.5.0)
      rspec-core (~> 3.5.0)
      rspec-expectations (~> 3.5.0)
      rspec-mocks (~> 3.5.0)
    rspec-core (3.5.4)
      rspec-support (~> 3.5.0)
    rspec-expectations (3.5.0)
      diff-lcs (>= 1.2.0, < 2.0)
      rspec-support (~> 3.5.0)
    rspec-mocks (3.5.0)
      diff-lcs (>= 1.2.0, < 2.0)
      rspec-support (~> 3.5.0)
    rspec-support (3.5.0)
    systemu (2.6.5)

PLATFORMS
  ruby

DEPENDENCIES
  bundler (~> 1.14)
  gem-release (~> 0.7)
  rake (~> 10.0)
  rspec (~> 3.0)
  ruby-terraform!

BUNDLED WITH
   1.15.1
